GEM
  remote: https://rubygems.org/
  specs:
    colorize (0.8.1)
    date_format (0.3.3)
    terminal-table (1.8.0)
      unicode-display_width (~> 1.1, >= 1.1.1)
    unicode-display_width (1.6.0)

PLATFORMS
  ruby

DEPENDENCIES
  colorize (~> 0.8.1)
  date_format (~> 0.3.3)
  terminal-table (~> 1.8)

BUNDLED WITH
   1.17.2
